PATH
  remote: .
  specs:
    liquid-upcase-first-filter (0.1.0)
      liquid (~> 4.0)

GEM
  remote: https://rubygems.org/
  specs:
    liquid (4.0.3)

PLATFORMS
  ruby

DEPENDENCIES
  liquid-upcase-first-filter!

BUNDLED WITH
   2.0.1
